GEM
  remote: https://rubygems.org/
  specs:
    ansi (1.4.3)
    assert (1.0.0)
      ansi (~> 1.3)

PLATFORMS
  ruby

DEPENDENCIES
  assert (~> 1.0)
